GEM
  remote: https://rubygems.org/
  specs:
    coderay (1.1.2)
    method_source (0.9.0)
    mini_portile2 (2.8.0)
    nokogiri (1.13.9)
      mini_portile2 (~> 2.8.0)
      racc (~> 1.4)
    pry (0.11.3)
      coderay (~> 1.1.0)
      method_source (~> 0.9.0)
    racc (1.6.0)
    rubyXL (3.3.29)
      nokogiri (>= 1.4.4)
      rubyzip (>= 1.1.6)
    rubyzip (2.0.0)

PLATFORMS
  ruby

DEPENDENCIES
  pry
  rubyXL

BUNDLED WITH
   1.16.0
